GEM
  remote: https://rubygems.org/
  specs:
    activemodel (5.2.1)
      activesupport (= 5.2.1)
    activerecord (5.2.1)
      activemodel (= 5.2.1)
      activesupport (= 5.2.1)
      arel (>= 9.0)
    activesupport (5.2.1)
      concurrent-ruby (~> 1.0, >= 1.0.2)
      i18n (>= 0.7, < 2)
      minitest (~> 5.1)
      tzinfo (~> 1.1)
    arel (9.0.0)
    bcrypt (3.1.12)
    concurrent-ruby (1.1.3)
    connection_pool (2.2.2)
    http_router (0.5.4)
      rack (>= 1.0.0)
      url_mount (~> 0.2.1)
    i18n (1.1.1)
      concurrent-ruby (~> 1.0)
    minitest (5.11.3)
    mustermann (1.0.3)
    padrino-core (0.9.21)
      activesupport (>= 3.0.0)
      http_router (~> 0.5.4)
      sinatra (>= 1.1.0)
      thor (>= 0.14.3)
      tzinfo
    padrino-helpers (0.9.21)
      i18n (>= 0.4.1)
      padrino-core (= 0.9.21)
    plural (0.1.0)
    rack (2.0.6)
    rack-cors (1.0.3)
    rack-protection (2.0.4)
      rack
    rake (12.3.1)
    react-sinatra (0.1.1)
      activesupport
      connection_pool
      padrino-helpers
    sinatra (2.0.4)
      mustermann (~> 1.0)
      rack (~> 2.0)
      rack-protection (= 2.0.4)
      tilt (~> 2.0)
    sinatra-activerecord (2.0.13)
      activerecord (>= 3.2)
      sinatra (>= 1.0)
    sqlite3 (1.3.13)
    thor (0.20.3)
    thread_safe (0.3.6)
    tilt (2.0.8)
    tzinfo (1.2.5)
      thread_safe (~> 0.1)
    url_mount (0.2.1)
      rack

PLATFORMS
  ruby

DEPENDENCIES
  bcrypt
  plural
  rack-cors
  rake
  react-sinatra
  sinatra
  sinatra-activerecord
  sqlite3

BUNDLED WITH
   1.17.1
